GEM
  remote: http://rubygems.snc1/
  remote: https://rubygems.org/
  specs:
    rake (0.9.2.2)

PLATFORMS
  ruby

DEPENDENCIES
  rake (= 0.9.2.2)
